GEM
  remote: https://rubygems.org/
  specs:
    datadog_api_client (2.18.0)
      httparty (~> 0.20, >= 0.20.0)
      uuidtools (~> 2.1.5, >= 2.1.5)
      zeitwerk (~> 2.6, >= 2.6.0)
    httparty (0.21.0)
      mini_mime (>= 1.0.0)
      multi_xml (>= 0.5.2)
    mini_mime (1.1.5)
    multi_xml (0.6.0)
    uuidtools (2.1.5)
    zeitwerk (2.6.12)

PLATFORMS
  aarch64-linux
  arm64-darwin-21

DEPENDENCIES
  datadog_api_client

BUNDLED WITH
   2.4.13
